GEM
  remote: http://rubygems.org/
  specs:
    addressable (2.3.8)
    dotenv (2.5.0)
    expectations (2.0.0)
      mocha (>= 0.5.5)
    faraday (0.9.2)
      multipart-post (>= 1.2, < 3)
    json (2.1.0)
    metaclass (0.0.4)
    mocha (1.5.0)
      metaclass (~> 0.0.1)
    multipart-post (2.0.0)
    octokit (3.8.0)
      sawyer (~> 0.6.0, >= 0.5.3)
    open4 (1.3.4)
    rack (1.6.10)
    rack-protection (1.5.5)
      rack
    sawyer (0.6.0)
      addressable (~> 2.3.5)
      faraday (~> 0.8, < 0.10)
    shell-executer (1.0.1)
      expectations
      open4
    shotgun (0.9.2)
      rack (>= 1.0)
    sinatra (1.3.6)
      rack (~> 1.4)
      rack-protection (~> 1.3)
      tilt (~> 1.3, >= 1.3.3)
    tilt (1.4.1)

PLATFORMS
  ruby

DEPENDENCIES
  dotenv
  json
  octokit (~> 3.0)
  shell-executer (~> 1.0, >= 1.0.1)
  shotgun
  sinatra (~> 1.3.5)

BUNDLED WITH
   1.16.2
